##TITLE= Parameter file, TopSpin 3.6.2
##JCAMPDX= 5.0
##DATATYPE= Parameter Values
##NPOINTS= 1	$$ modification sequence number
##ORIGIN= Bruker BioSpin GmbH
##OWNER= AlHashimi
$$ 2023-08-18 11:30:59.182 -0400  AlHashimi@ps03drx600
$$ /opt/nmrdata/halhashimi/sima/RE_22_10C_18082023/5/pdata/1/proc2
$$ process /opt/topspin3.6.2/prog/mod/edparproc
##$ABSF1= 1000
##$ABSF2= -1000
##$ABSG= 5
##$ABSL= 3
##$ALPHA= 0
##$AQORDER= 0
##$ASSFAC= 0
##$ASSFACI= 0
##$ASSFACX= 0
##$ASSWID= 0
##$AUNMP= <>
##$AXLEFT= 0
##$AXNAME= <F1>
##$AXNUC= <off>
##$AXRIGHT= 0
##$AXTYPE= 0
##$AXUNIT= <>
##$AZFE= 0.1
##$AZFW= 0.5
##$BCFW= 1
##$BC_mod= 0
##$BYTORDP= 0
##$COROFFS= 0
##$CY= -3
##$DATMOD= 1
##$DC= 1
##$DFILT= <>
##$DTYPP= 0
##$ERETIC= no
##$F1P= 154.751047697743
##$F2P= 150.296093294323
##$FCOR= 0.5
##$FTSIZE= 1024
##$FT_mod= 0
##$GAMMA= 1
##$GB= 0.3
##$INTBC= 1
##$INTSCL= 1
##$ISEN= 128
##$LB= -1
##$LEV0= 0
##$LPBIN= 0
##$MAXI= 10000
##$MC2= 5
##$MEAN= 0
##$ME_mod= 0
##$MI= 1
##$MddCEXP= no
##$MddCT_SP= no
##$MddF180= no
##$MddLAMBDA= 0
##$MddMEMORY= 0
##$MddMERGE= 23
##$MddNCOMP= 0
##$MddNITER= 0
##$MddNOISE= 0.8
##$MddPHASE= 0
##$MddSEED= 0
##$MddSRSIZE= 0
##$Mdd_CsALG= 0
##$Mdd_CsLAMBDA= 1
##$Mdd_CsNITER= 0
##$Mdd_CsNORM= 0
##$Mdd_CsVE= yes
##$Mdd_CsZF= 2
##$Mdd_LrLAMBDA= 0
##$Mdd_LrNITER= 0
##$Mdd_LrRANK= 0
##$Mdd_LrZF= 0
##$Mdd_mod= 0
##$NCOEF= 32
##$NC_proc= 0
##$NLEV= 6
##$NOISF1= 0
##$NOISF2= 0
##$NSP= 1
##$NTH_PI= 0
##$NZP= 1
##$OFFSET= 159.0042
##$PC= 4
##$PHC0= 0
##$PHC1= 0
##$PH_mod= 1
##$PKNL= yes
##$PPARMOD= 1
##$PPDIAG= 0
##$PPIPTYP= 0
##$PPMPNUM= 2147483647
##$PPRESOL= 1
##$PSCAL= 1
##$PSIGN= 0
##$PYNMP= <proc.py>
##$RDF1= 0
##$RDF2= 0
##$RDFWHM= 0
##$RDINT= 0
##$RDPOS= 0
##$REVERSE= no
##$SF= 150.902809
##$SI= 1024
##$SIGF1= 0
##$SIGF2= 0
##$SINO= 16
##$SIOLD= 1024
##$SPECTYP= <>
##$SREF_mod= 1
##$SREGLST= <1H.DMSO>
##$SSB= 2
##$STSI= 0
##$STSR= 0
##$SW_p= 3770.73906485671
##$SYMM= 0
##$S_DEV= 0
##$TDeff= 0
##$TDoff= 0
##$TI= <>
##$TILT= no
##$TM1= 0.1
##$TM2= 0.9
##$TOPLEV= 0
##$USERP1= <user>
##$USERP2= <user>
##$USERP3= <user>
##$USERP4= <user>
##$USERP5= <user>
##$WDW= 4
##$XDIM= 64
##$YMAX_p= 0
##$YMIN_p= 0
##END=
